GEM
  remote: https://rubygems.org/
  specs:
    celluloid (0.16.0)
      timers (~> 4.0.0)
    celluloid-io (0.16.2)
      celluloid (>= 0.16.0)
      nio4r (>= 1.1.0)
    god (0.13.7)
    hitimes (1.2.3)
    nio4r (1.2.1)
    rack (1.6.4)
    rack-protection (1.5.3)
      rack
    rubydns (1.0.3)
      celluloid (= 0.16.0)
      celluloid-io (= 0.16.2)
      timers (~> 4.0.1)
    sinatra (1.4.7)
      rack (~> 1.5)
      rack-protection (~> 1.4)
      tilt (>= 1.3, < 3)
    tilt (2.0.2)
    timers (4.0.4)
      hitimes

PLATFORMS
  ruby

DEPENDENCIES
  god
  rack
  rubydns
  sinatra

BUNDLED WITH
   1.10.6
